GEM
  remote: https://rubygems.org/
  specs:
    coderay (1.1.0)
    kitchen-vagrant (0.14.0)
      test-kitchen (~> 1.0)
    method_source (0.8.2)
    mixlib-shellout (1.3.0)
    net-scp (1.1.2)
      net-ssh (>= 2.6.5)
    net-ssh (2.8.0)
    pry (0.9.12.6)
      coderay (~> 1.0)
      method_source (~> 0.8)
      slop (~> 3.4)
    safe_yaml (1.0.1)
    slop (3.4.7)
    test-kitchen (1.2.1)
      mixlib-shellout (~> 1.2)
      net-scp (~> 1.1)
      net-ssh (~> 2.7)
      safe_yaml (~> 1.0)
      thor (~> 0.18)
    thor (0.18.1)

PLATFORMS
  ruby

DEPENDENCIES
  kitchen-vagrant
  pry
  test-kitchen
